GIT
  remote: git://github.com/opscode/kitchen-vagrant.git
  revision: c2f9851e7adb1362a623d64602f418ab6d00cd18
  specs:
    kitchen-vagrant (0.7.4.dev)
      test-kitchen (~> 1.0.0.alpha.1)

GIT
  remote: git://github.com/opscode/test-kitchen.git
  revision: 5fe88947b6a66f0ad56e2f0ad4b8f90fb756806d
  ref: v1.0.0.alpha.2
  specs:
    test-kitchen (1.0.0.alpha.2)
      celluloid
      mixlib-shellout
      net-scp
      net-ssh
      pry
      safe_yaml
      thor

GEM
  remote: http://rubygems.org/
  specs:
    activesupport (3.2.12)
      i18n (~> 0.6)
      multi_json (~> 1.0)
    addressable (2.3.3)
    berkshelf (1.3.1)
      activesupport (>= 3.2.0)
      celluloid (>= 0.13.0)
      chozo (>= 0.6.1)
      faraday (>= 0.8.5)
      hashie (>= 2.0.2)
      json (>= 1.5.0)
      minitar
      mixlib-config (~> 1.1)
      mixlib-shellout (~> 1.1)
      multi_json (~> 1.5)
      retryable
      ridley (>= 0.8.6)
      solve (>= 0.4.2)
      thor (~> 0.16.0)
      yajl-ruby
    berkshelf-vagrant (1.0.6)
      activesupport (>= 3.2.0, < 3.2.13)
      berkshelf (>= 1.3.0)
      i18n (~> 0.6.0)
      json (>= 1.5.1, < 1.8.0)
      net-scp (~> 1.1.0)
      net-ssh (~> 2.6.6)
    builder (3.2.0)
    celluloid (0.13.0)
      timers (>= 1.0.0)
    chozo (0.6.1)
      activesupport (>= 3.2.0)
      hashie (>= 2.0.2)
      multi_json (>= 1.3.0)
    coderay (1.0.9)
    erubis (2.7.0)
    excon (0.20.1)
    faraday (0.8.7)
      multipart-post (~> 1.1)
    fog (1.10.0)
      builder
      excon (~> 0.14)
      formatador (~> 0.2.0)
      mime-types
      multi_json (~> 1.0)
      net-scp (~> 1.1)
      net-ssh (>= 2.1.3)
      nokogiri (~> 1.5.0)
      ruby-hmac
    formatador (0.2.4)
    hashie (2.0.3)
    i18n (0.6.4)
    json (1.7.7)
    kitchen-bluebox (0.5.1.dev)
      fog
      test-kitchen (~> 1.0.0.alpha.0)
    method_source (0.8.1)
    mime-types (1.21)
    minitar (0.5.4)
    mixlib-authentication (1.3.0)
      mixlib-log
    mixlib-config (1.1.2)
    mixlib-log (1.4.1)
    mixlib-shellout (1.1.0)
    multi_json (1.7.2)
    multipart-post (1.2.0)
    net-http-persistent (2.8)
    net-scp (1.1.0)
      net-ssh (>= 2.6.5)
    net-ssh (2.6.6)
    nokogiri (1.5.9)
    pry (0.9.12)
      coderay (~> 1.0.5)
      method_source (~> 0.8)
      slop (~> 3.4)
    retryable (1.3.2)
    ridley (0.9.0)
      activesupport (>= 3.2.0)
      addressable
      celluloid (~> 0.13.0)
      chozo (>= 0.6.0)
      erubis
      faraday (>= 0.8.4)
      json (>= 1.5.0)
      mixlib-authentication (>= 1.3.0)
      mixlib-config (>= 1.1.0)
      mixlib-log (>= 1.3.0)
      mixlib-shellout (>= 1.1.0)
      multi_json (>= 1.0.4)
      net-http-persistent (>= 2.8)
      net-ssh
      retryable
      solve (>= 0.4.1)
    ruby-hmac (0.4.0)
    safe_yaml (0.9.0)
    slop (3.4.4)
    solve (0.4.2)
      json
    thor (0.16.0)
    timers (1.1.0)
    yajl-ruby (1.1.0)

PLATFORMS
  ruby

DEPENDENCIES
  berkshelf
  berkshelf-vagrant
  kitchen-bluebox (= 0.5.1.dev)
  kitchen-vagrant!
  test-kitchen!
